GEM
  remote: http://rubygems.org/
  remote: http://rails-assets.org/
  specs:
    actionmailer (4.2.7.1)
      actionpack (= 4.2.7.1)
      actionview (= 4.2.7.1)
      activejob (= 4.2.7.1)
      mail (~> 2.5, >= 2.5.4)
      rails-dom-testing (~> 1.0, >= 1.0.5)
    actionpack (4.2.7.1)
      actionview (= 4.2.7.1)
      activesupport (= 4.2.7.1)
      rack (~> 1.6)
      rack-test (~> 0.6.2)
      rails-dom-testing (~> 1.0, >= 1.0.5)
      rails-html-sanitizer (~> 1.0, >= 1.0.2)
    actionview (4.2.7.1)
      activesupport (= 4.2.7.1)
      builder (~> 3.1)
      erubis (~> 2.7.0)
      rails-dom-testing (~> 1.0, >= 1.0.5)
      rails-html-sanitizer (~> 1.0, >= 1.0.2)
    activejob (4.2.7.1)
      activesupport (= 4.2.7.1)
      globalid (>= 0.3.0)
    activemodel (4.2.7.1)
      activesupport (= 4.2.7.1)
      builder (~> 3.1)
    activerecord (4.2.7.1)
      activemodel (= 4.2.7.1)
      activesupport (= 4.2.7.1)
      arel (~> 6.0)
    activerecord-postgis-adapter (3.1.4)
      activerecord (~> 4.2)
      rgeo-activerecord (>= 4.0.4)
    activesupport (4.2.7.1)
      i18n (~> 0.7)
      json (~> 1.7, >= 1.7.7)
      minitest (~> 5.1)
      thread_safe (~> 0.3, >= 0.3.4)
      tzinfo (~> 1.1)
    addressable (2.5.0)
      public_suffix (~> 2.0, >= 2.0.2)
    arel (6.0.4)
    bcrypt (3.1.11)
    bcrypt (3.1.11-x64-mingw32)
    bcrypt (3.1.11-x86-mingw32)
    better_errors (2.1.1)
      coderay (>= 1.0.0)
      erubis (>= 2.6.6)
      rack (>= 0.9.0)
    binding_of_caller (0.7.2)
      debug_inspector (>= 0.0.1)
    bootstrap_form (2.5.2)
    builder (3.2.3)
    cancancan (1.15.0)
    carrierwave (0.11.2)
      activemodel (>= 3.2.0)
      activesupport (>= 3.2.0)
      json (>= 1.7)
      mime-types (>= 1.16)
      mimemagic (>= 0.3.0)
    ckeditor (4.2.0)
      cocaine
      orm_adapter (~> 0.5.0)
    climate_control (0.0.3)
      activesupport (>= 3.0)
    cocaine (0.5.8)
      climate_control (>= 0.0.3, < 1.0)
    coderay (1.1.1)
    coffee-rails (4.2.1)
      coffee-script (>= 2.2.0)
      railties (>= 4.0.0, < 5.2.x)
    coffee-script (2.4.1)
      coffee-script-source
      execjs
    coffee-script-source (1.12.2)
    concurrent-ruby (1.1.4)
    debug_inspector (0.0.2)
    effective_datatables (2.4.6)
      coffee-rails
      haml-rails
      kaminari
      rails (>= 3.2.0)
      sass-rails
      simple_form
    erubis (2.7.0)
    execjs (2.7.0)
    ffi (1.9.14)
    ffi (1.9.14-x64-mingw32)
    ffi (1.9.14-x86-mingw32)
    ffi-geos (1.1.1)
      ffi (>= 1.0.0)
    font-awesome-rails (4.7.0.0)
      railties (>= 3.2, < 5.1)
    globalid (0.3.7)
      activesupport (>= 4.1.0)
    haml (4.0.7)
      tilt
    haml-rails (0.9.0)
      actionpack (>= 4.0.1)
      activesupport (>= 4.0.1)
      haml (>= 4.0.6, < 5.0)
      html2haml (>= 1.0.1)
      railties (>= 4.0.1)
    html2haml (2.2.0)
      erubis (~> 2.7.0)
      haml (>= 4.0, < 6)
      nokogiri (>= 1.6.0)
      ruby_parser (~> 3.5)
    httparty (0.14.0)
      multi_xml (>= 0.5.2)
    i18n (0.9.5)
      concurrent-ruby (~> 1.0)
    js-routes (1.3.2)
      railties (>= 3.2)
      sprockets-rails
    json (1.8.6)
    kaminari (0.17.0)
      actionpack (>= 3.0.0)
      activesupport (>= 3.0.0)
    loofah (2.0.3)
      nokogiri (>= 1.5.9)
    mail (2.6.4)
      mime-types (>= 1.16, < 4)
    mime-types (3.1)
      mime-types-data (~> 3.2015)
    mime-types-data (3.2016.0521)
    mimemagic (0.3.2)
    mini_portile2 (2.4.0)
    minitest (5.11.3)
    multi_xml (0.5.5)
    nokogiri (1.10.1)
      mini_portile2 (~> 2.4.0)
    nokogiri (1.10.1-x64-mingw32)
      mini_portile2 (~> 2.4.0)
    nokogiri (1.10.1-x86-mingw32)
      mini_portile2 (~> 2.4.0)
    orm_adapter (0.5.0)
    pdf-core (0.6.1)
    pg (0.18.0)
    pg (0.18.0-x64-mingw32)
    pg (0.18.0-x86-mingw32)
    prawn (2.1.0)
      pdf-core (~> 0.6.1)
      ttfunk (~> 1.4.0)
    prawn-table (0.2.2)
      prawn (>= 1.3.0, < 3.0.0)
    public_suffix (2.0.4)
    puma (3.12.0)
    rack (1.6.11)
    rack-test (0.6.3)
      rack (>= 1.0)
    rails (4.2.7.1)
      actionmailer (= 4.2.7.1)
      actionpack (= 4.2.7.1)
      actionview (= 4.2.7.1)
      activejob (= 4.2.7.1)
      activemodel (= 4.2.7.1)
      activerecord (= 4.2.7.1)
      activesupport (= 4.2.7.1)
      bundler (>= 1.3.0, < 2.0)
      railties (= 4.2.7.1)
      sprockets-rails
    rails-assets-animate.css (3.5.2)
    rails-assets-bootstrap (3.3.7)
      rails-assets-jquery (>= 1.9.1, < 4)
    rails-assets-bootstrap-datepicker (1.6.4)
      rails-assets-jquery (>= 1.7.1)
    rails-assets-bootstrap-timepicker (0.5.2)
      rails-assets-bootstrap (>= 3.0, < 4)
      rails-assets-jquery (>= 2.0, < 3)
    rails-assets-d3 (4.4.0)
    rails-assets-d3-tip (0.7.1)
      rails-assets-d3 (>= 4.2, < 5)
    rails-assets-dropzone (4.3.0)
    rails-assets-icheck (1.0.2)
      rails-assets-jquery (>= 1.7)
    rails-assets-jquery (2.2.4)
    rails-assets-jquery-ujs (1.2.2)
      rails-assets-jquery (> 1.8)
    rails-assets-leaflet (1.0.2)
    rails-assets-leaflet-draw (0.4.4)
      rails-assets-leaflet (>= 1.0.0, < 2)
    rails-assets-metisMenu (2.6.0)
      rails-assets-jquery (~> 2.2.3)
    rails-assets-pace (1.0.2)
    rails-assets-proj4 (2.3.15)
    rails-assets-slimScroll (1.3.8)
    rails-assets-three.js (0.82.0)
    rails-assets-toastr (2.1.3)
      rails-assets-jquery (>= 1.6.3, < 3)
    rails-assets-voidberg--html5sortable (0.4.2)
    rails-deprecated_sanitizer (1.0.3)
      activesupport (>= 4.2.0.alpha)
    rails-dom-testing (1.0.9)
      activesupport (>= 4.2.0, < 5.0)
      nokogiri (~> 1.6)
      rails-deprecated_sanitizer (>= 1.0.1)
    rails-html-sanitizer (1.0.3)
      loofah (~> 2.0)
    railties (4.2.7.1)
      actionpack (= 4.2.7.1)
      activesupport (= 4.2.7.1)
      rake (>= 0.8.7)
      thor (>= 0.18.1, < 2.0)
    rake (11.3.0)
    rgeo (0.5.3)
    rgeo-activerecord (4.0.5)
      activerecord (~> 4.2)
      rgeo (~> 0.3)
    roo (2.5.1)
      nokogiri (~> 1)
      rubyzip (~> 1.1, < 2.0.0)
    ruby_parser (3.12.0)
      sexp_processor (~> 4.9)
    rubyzip (1.2.0)
    sass (3.4.22)
    sass-rails (5.0.6)
      railties (>= 4.0.0, < 6)
      sass (~> 3.1)
      sprockets (>= 2.8, < 4.0)
      sprockets-rails (>= 2.0, < 4.0)
      tilt (>= 1.1, < 3)
    select2-rails (3.5.10)
      thor (~> 0.14)
    sexp_processor (4.11.0)
    simple_form (3.4.0)
      actionpack (> 4, < 5.1)
      activemodel (> 4, < 5.1)
    sprockets (3.7.2)
      concurrent-ruby (~> 1.0)
      rack (> 1, < 3)
    sprockets-rails (3.2.0)
      actionpack (>= 4.0)
      activesupport (>= 4.0)
      sprockets (>= 3.0.0)
    thor (0.19.4)
    thread_safe (0.3.6)
    tilt (2.0.9)
    ttfunk (1.4.0)
    tzinfo (1.2.5)
      thread_safe (~> 0.1)
    tzinfo-data (1.2016.10)
      tzinfo (>= 1.0.0)
    uglifier (3.0.4)
      execjs (>= 0.3.0, < 3)
    warden (1.2.6)
      rack (>= 1.0)

PLATFORMS
  ruby
  x64-mingw32
  x86-mingw32

DEPENDENCIES
  activerecord-postgis-adapter
  addressable
  bcrypt
  better_errors
  binding_of_caller
  bootstrap_form
  bundler
  cancancan
  carrierwave
  ckeditor
  effective_datatables (<= 2.4.6)
  execjs
  ffi-geos
  font-awesome-rails
  html2haml (~> 2.2.0)
  httparty
  js-routes
  kaminari
  nokogiri (~> 1.10.1)
  pdf-core
  pg (= 0.18)
  prawn
  prawn-table
  puma
  rails (~> 4.2)
  rails-assets-animate.css!
  rails-assets-bootstrap!
  rails-assets-bootstrap-datepicker!
  rails-assets-bootstrap-timepicker!
  rails-assets-d3!
  rails-assets-d3-tip!
  rails-assets-dropzone!
  rails-assets-icheck!
  rails-assets-jquery!
  rails-assets-jquery-ujs!
  rails-assets-leaflet!
  rails-assets-leaflet-draw!
  rails-assets-metisMenu!
  rails-assets-pace!
  rails-assets-proj4!
  rails-assets-slimScroll!
  rails-assets-three.js!
  rails-assets-toastr!
  rails-assets-voidberg--html5sortable!
  rails-dom-testing (~> 1.0.9)
  rgeo
  roo
  rubyzip
  sass-rails
  select2-rails (< 4.0.0)
  sprockets (< 4.0.0)
  tzinfo-data
  uglifier
  warden

BUNDLED WITH
   1.17.3
