GIT
  remote: git://github.com/carrierwaveuploader/carrierwave.git
  revision: 1f045142058070c97e04d3a2cb320cfee49dc568
  specs:
    carrierwave (0.10.0)
      activemodel (>= 3.2.0)
      activesupport (>= 3.2.0)
      json (>= 1.7)
      mime-types (>= 1.16)

GIT
  remote: git://github.com/sodalis/rails-file-icons.git
  revision: 7a0e970ad5e6c188153ecb51a6b8a63e9eef0ca1
  specs:
    rails-file-icons (0.0.1)

GEM
  remote: http://rubygems.org/
  remote: https://rails-assets.org/
  specs:
    actionmailer (4.2.4)
      actionpack (= 4.2.4)
      actionview (= 4.2.4)
      activejob (= 4.2.4)
      mail (~> 2.5, >= 2.5.4)
      rails-dom-testing (~> 1.0, >= 1.0.5)
    actionpack (4.2.4)
      actionview (= 4.2.4)
      activesupport (= 4.2.4)
      rack (~> 1.6)
      rack-test (~> 0.6.2)
      rails-dom-testing (~> 1.0, >= 1.0.5)
      rails-html-sanitizer (~> 1.0, >= 1.0.2)
    actionview (4.2.4)
      activesupport (= 4.2.4)
      builder (~> 3.1)
      erubis (~> 2.7.0)
      rails-dom-testing (~> 1.0, >= 1.0.5)
      rails-html-sanitizer (~> 1.0, >= 1.0.2)
    activejob (4.2.4)
      activesupport (= 4.2.4)
      globalid (>= 0.3.0)
    activemodel (4.2.4)
      activesupport (= 4.2.4)
      builder (~> 3.1)
    activerecord (4.2.4)
      activemodel (= 4.2.4)
      activesupport (= 4.2.4)
      arel (~> 6.0)
    activerecord-postgis-adapter (3.0.0)
      activerecord (~> 4.2)
      rgeo-activerecord (~> 4.0)
    activesupport (4.2.4)
      i18n (~> 0.7)
      json (~> 1.7, >= 1.7.7)
      minitest (~> 5.1)
      thread_safe (~> 0.3, >= 0.3.4)
      tzinfo (~> 1.1)
    addressable (2.3.8)
    arel (6.0.3)
    bcrypt (3.1.10-x86-mingw32)
    binding_of_caller (0.7.2)
      debug_inspector (>= 0.0.1)
    bootstrap_form (2.3.0)
    builder (3.2.2)
    byebug (6.0.2)
    cancancan (1.10.1)
    ckeditor (4.1.3)
      cocaine
      orm_adapter (~> 0.5.0)
    climate_control (0.0.3)
      activesupport (>= 3.0)
    cocaine (0.5.7)
      climate_control (>= 0.0.3, < 1.0)
    coffee-rails (4.1.0)
      coffee-script (>= 2.2.0)
      railties (>= 4.0.0, < 5.0)
    coffee-script (2.4.1)
      coffee-script-source
      execjs
    coffee-script-source (1.8.0)
    debug_inspector (0.0.2)
    devise (3.5.2)
      bcrypt (~> 3.0)
      orm_adapter (~> 0.1)
      railties (>= 3.2.6, < 5)
      responders
      thread_safe (~> 0.1)
      warden (~> 1.2.3)
    erubis (2.7.0)
    execjs (2.6.0)
    ffi (1.9.10-x86-mingw32)
    ffi-geos (1.1.0)
      ffi (>= 1.0.0)
    globalid (0.3.6)
      activesupport (>= 4.1.0)
    i18n (0.7.0)
    jbuilder (2.3.1)
      activesupport (>= 3.0.0, < 5)
      multi_json (~> 1.2)
    js-routes (1.0.1)
      railties (>= 3.2)
      sprockets-rails
    json (1.8.3)
    libv8 (3.16.14.11)
    loofah (2.0.3)
      nokogiri (>= 1.5.9)
    mail (2.6.3)
      mime-types (>= 1.16, < 3)
    mime-types (2.6.1)
    mini_portile (0.6.2)
    minitest (5.8.0)
    multi_json (1.11.2)
    nokogiri (1.6.6.2-x86-mingw32)
      mini_portile (~> 0.6.0)
    orm_adapter (0.5.0)
    pdf-core (0.6.0)
    pg (0.18.3-x86-mingw32)
    prawn (2.0.2)
      pdf-core (~> 0.6.0)
      ttfunk (~> 1.4.0)
    rack (1.6.4)
    rack-test (0.6.3)
      rack (>= 1.0)
    rails (4.2.4)
      actionmailer (= 4.2.4)
      actionpack (= 4.2.4)
      actionview (= 4.2.4)
      activejob (= 4.2.4)
      activemodel (= 4.2.4)
      activerecord (= 4.2.4)
      activesupport (= 4.2.4)
      bundler (>= 1.3.0, < 2.0)
      railties (= 4.2.4)
      sprockets-rails
    rails-assets-animate.css (3.4.0)
    rails-assets-bootstrap (3.3.5)
      rails-assets-jquery (>= 1.9.1)
    rails-assets-bootstrap-datepicker (1.4.0)
      rails-assets-bootstrap (>= 2.0.4, < 4.0)
      rails-assets-jquery (>= 1.7.1)
    rails-assets-d3 (3.5.5)
    rails-assets-d3-tip (0.6.7)
      rails-assets-d3 (= 3.5.5)
    rails-assets-datatables (1.10.9)
      rails-assets-jquery (>= 1.7.0)
    rails-assets-datatables-plugins (1.10.9)
    rails-assets-datatables-responsive (1.0.7)
      rails-assets-datatables (>= 1.10.1)
      rails-assets-jquery (>= 1.7.0)
    rails-assets-datatables-tabletools (2.2.4)
      rails-assets-datatables (>= 1.9.0)
      rails-assets-jquery (>= 1.7.0)
    rails-assets-dropzone (4.0.1)
    rails-assets-fontawesome (4.4.0)
    rails-assets-icheck (1.0.2)
      rails-assets-jquery (>= 1.7)
    rails-assets-jquery (2.1.4)
    rails-assets-jquery-ujs (1.1.0)
      rails-assets-jquery (> 1.8)
    rails-assets-jquery.steps (1.1.0)
      rails-assets-jquery (>= 1.9.0)
    rails-assets-metisMenu (2.1.0)
      rails-assets-jquery (~> 2.1.4)
    rails-assets-pace (1.0.2)
    rails-assets-slimScroll (1.3.6)
      rails-assets-jquery (>= 1.7)
    rails-assets-toastr (2.1.2)
      rails-assets-jquery (>= 1.6.3)
    rails-assets-voidberg--html5sortable (0.3.0)
      rails-assets-jquery (~> 2.1.3)
    rails-deprecated_sanitizer (1.0.3)
      activesupport (>= 4.2.0.alpha)
    rails-dom-testing (1.0.7)
      activesupport (>= 4.2.0.beta, < 5.0)
      nokogiri (~> 1.6.0)
      rails-deprecated_sanitizer (>= 1.0.1)
    rails-html-sanitizer (1.0.2)
      loofah (~> 2.0)
    railties (4.2.4)
      actionpack (= 4.2.4)
      activesupport (= 4.2.4)
      rake (>= 0.8.7)
      thor (>= 0.18.1, < 2.0)
    rake (10.4.2)
    rdoc (4.2.0)
      json (~> 1.4)
    ref (2.0.0)
    responders (2.1.0)
      railties (>= 4.2.0, < 5)
    rgeo (0.3.20)
    rgeo-activerecord (4.0.0)
      activerecord (~> 4.2)
      rgeo (~> 0.3)
    rubyzip (1.1.7)
    sass (3.4.18)
    sass-rails (5.0.4)
      railties (>= 4.0.0, < 5.0)
      sass (~> 3.1)
      sprockets (>= 2.8, < 4.0)
      sprockets-rails (>= 2.0, < 4.0)
      tilt (>= 1.1, < 3)
    sdoc (0.4.1)
      json (~> 1.7, >= 1.7.7)
      rdoc (~> 4.0)
    select2-rails (3.5.9.3)
      thor (~> 0.14)
    sprockets (3.3.4)
      rack (~> 1.0)
    sprockets-rails (2.3.3)
      actionpack (>= 3.0)
      activesupport (>= 3.0)
      sprockets (>= 2.8, < 4.0)
    therubyracer (0.12.2)
      libv8 (~> 3.16.14.0)
      ref
    thor (0.19.1)
    thread_safe (0.3.5)
    tilt (2.0.1)
    ttfunk (1.4.0)
    tzinfo (1.2.2)
      thread_safe (~> 0.1)
    tzinfo-data (1.2015.6)
      tzinfo (>= 1.0.0)
    uglifier (2.7.2)
      execjs (>= 0.3.0)
      json (>= 1.8.0)
    warden (1.2.3)
      rack (>= 1.0)
    web-console (2.2.1)
      activemodel (>= 4.0)
      binding_of_caller (>= 0.7.2)
      railties (>= 4.0)
      sprockets-rails (>= 2.0, < 4.0)
    will_paginate (3.0.7)
    will_paginate-bootstrap (1.0.1)
      will_paginate (>= 3.0.3)

PLATFORMS
  x86-mingw32

DEPENDENCIES
  activerecord-postgis-adapter (~> 3.0.0)
  addressable
  bootstrap_form
  bundler (>= 1.8.4)
  byebug
  cancancan (~> 1.10.1)
  carrierwave!
  ckeditor (~> 4.1.3)
  coffee-rails (~> 4.1.0)
  coffee-script-source (= 1.8.0)
  devise
  execjs
  ffi-geos
  jbuilder (~> 2.0)
  js-routes (~> 1.0.1)
  pg
  prawn
  rails (~> 4.2)
  rails-assets-animate.css!
  rails-assets-bootstrap!
  rails-assets-bootstrap-datepicker!
  rails-assets-d3!
  rails-assets-d3-tip!
  rails-assets-datatables!
  rails-assets-datatables-plugins!
  rails-assets-datatables-responsive!
  rails-assets-datatables-tabletools!
  rails-assets-dropzone!
  rails-assets-fontawesome!
  rails-assets-icheck!
  rails-assets-jquery!
  rails-assets-jquery-ujs!
  rails-assets-jquery.steps!
  rails-assets-metisMenu!
  rails-assets-pace!
  rails-assets-slimScroll!
  rails-assets-toastr!
  rails-assets-voidberg--html5sortable!
  rails-file-icons!
  rgeo (= 0.3.20)
  rubyzip (~> 1.1.7)
  sass-rails (~> 5.0)
  sdoc (~> 0.4.0)
  select2-rails (~> 3.5.9.3)
  therubyracer
  tzinfo-data
  uglifier (>= 1.3.0)
  web-console (~> 2.0)
  will_paginate-bootstrap (~> 1.0.1)
